PATH
  remote: .
  specs:
    analogger (1.1.0)
      eventmachine (> 1.2.5)

GEM
  remote: https://rubygems.org/
  specs:
    eventmachine (1.2.7)
    minitest (5.11.1)
    rake (13.0.1)

PLATFORMS
  ruby

DEPENDENCIES
  analogger!
  bundler (> 1.10)
  minitest (> 5)
  rake (> 12.3.3)

BUNDLED WITH
   2.1.4
