PATH
  remote: .
  specs:
    analogger (1.1.0)
      async-io

GEM
  remote: https://rubygems.org/
  specs:
    async (1.26.1)
      console (~> 1.0)
      nio4r (~> 2.3)
      timers (~> 4.1)
    async-io (1.29.0)
      async (~> 1.14)
    console (1.8.2)
    minitest (5.11.1)
    nio4r (2.5.2)
    rake (13.0.1)
    timers (4.3.0)

PLATFORMS
  ruby

DEPENDENCIES
  analogger!
  bundler (> 1.10)
  minitest (> 5)
  rake (> 12.3.3)

BUNDLED WITH
   2.1.4
