PATH
  remote: .
  specs:
    analogger (0.9.3)
      eventmachine (~> 1.2.5)

GEM
  remote: https://rubygems.org/
  specs:
    eventmachine (1.2.5)
    minitest (5.11.1)
    rake (11.3.0)

PLATFORMS
  ruby

DEPENDENCIES
  analogger!
  bundler (~> 1.10)
  minitest (~> 5)
  rake (~> 11.0)

BUNDLED WITH
   1.16.1
